GEM
  remote: https://rubygems.org/
  specs:
    bond (0.4.3)
    crack (0.1.8)
    httparty (0.8.1)
      multi_json
      multi_xml
    json (1.7.7)
    multi_json (1.7.2)
    multi_xml (0.5.3)
    neography (0.0.26)
      crack (= 0.1.8)
      httparty (= 0.8.1)
      json
      os
      rake (>= 0.8.7)
      rubyzip
    os (0.9.6)
    rake (10.0.4)
    ripl (0.7.0)
      bond (~> 0.4.2)
    rubyzip (0.9.9)

PLATFORMS
  ruby

DEPENDENCIES
  neography
  rake
  ripl
